GEM
  remote: https://rubygems.org/
  specs:
    awesome_print (1.8.0)
    byebug (11.1.3)
    coderay (1.1.3)
    method_source (1.0.0)
    pry (0.13.1)
      coderay (~> 1.1)
      method_source (~> 1.0)
    pry-byebug (3.9.0)
      byebug (~> 11.0)
      pry (~> 0.13.0)

PLATFORMS
  ruby
  x86_64-darwin-20

DEPENDENCIES
  awesome_print
  pry
  pry-byebug

BUNDLED WITH
   2.2.0
